GEM
  remote: http://gems.rubyforge.org/
  specs:
    actionpack (2.3.5)
      activesupport (= 2.3.5)
      rack (~> 1.0.0)
    activerecord (2.3.5)
      activesupport (= 2.3.5)
    activesupport (2.3.5)
    authlogic (2.1.5)
      activesupport
    haml (3.0.25)
    json (1.4.6)
    mime-types (1.16)
    mysql (2.8.1)
    rack (1.0.1)
    rdiscount (1.6.8)
    rest-client (1.6.1)
      mime-types (>= 1.16)
    sinatra (1.0)
      rack (>= 1.0)

PLATFORMS
  ruby

DEPENDENCIES
  actionpack (= 2.3.5)
  activerecord (= 2.3.5)
  authlogic (= 2.1.5)
  haml
  json
  mysql
  rdiscount
  rest-client
  sinatra (>= 1.0)
