GEM
  remote: http://gems.rubyforge.org/
  specs:
    actionpack (2.3.10)
      activesupport (= 2.3.10)
      rack (~> 1.1.0)
    activerecord (2.3.10)
      activesupport (= 2.3.10)
    activesupport (2.3.10)
    authlogic (2.1.5)
      activesupport
    haml (3.0.25)
    mime-types (1.16)
    mysql (2.8.1)
    rack (1.1.0)
    rdiscount (1.6.8)
    rest-client (1.6.1)
      mime-types (>= 1.16)
    shotgun (0.8)
      rack (>= 1.0)
    sinatra (1.1.2)
      rack (~> 1.1)
      tilt (~> 1.2)
    tilt (1.2.2)

PLATFORMS
  ruby

DEPENDENCIES
  actionpack (= 2.3.10)
  activerecord (= 2.3.10)
  authlogic (= 2.1.5)
  haml
  mysql
  rdiscount
  rest-client
  shotgun
  sinatra (>= 1.0)
